GEM
  remote: https://rubygems.org/
  specs:
    colored (1.2)
    command_line_reporter (3.3.6)
      colored (>= 1.2)
    minitest (5.10.1)
    sequel (4.44.0)
    sqlite3 (1.3.13)

PLATFORMS
  ruby

DEPENDENCIES
  bundler (= 1.14.6)
  command_line_reporter (= 3.3.6)
  minitest (= 5.10.1)
  sequel (= 4.44.0)
  sqlite3 (= 1.3.13)

BUNDLED WITH
   1.14.6
